PATH
  remote: .
  specs:
    ruby-dslr (1.0.0)

GEM
  remote: https://rubygems.org/
  specs:
    minitest (5.17.0)
    rake (13.0.6)
    shoulda-context (2.0.0)

PLATFORMS
  ruby

DEPENDENCIES
  minitest (~> 5.0)
  rake (~> 13.0)
  ruby-dslr!
  shoulda-context

BUNDLED WITH
   2.4.6
