PATH
  remote: .
  specs:
    ruby-dslr (1.0.0)

GEM
  remote: https://rubygems.org/
  specs:
    docile (1.4.0)
    minitest (5.17.0)
    rake (13.0.6)
    shoulda-context (2.0.0)
    simplecov (0.21.2)
      docile (~> 1.1)
      simplecov-html (~> 0.11)
      simplecov_json_formatter (~> 0.1)
    simplecov-html (0.12.3)
    simplecov_json_formatter (0.1.4)

PLATFORMS
  ruby

DEPENDENCIES
  minitest (~> 5.0)
  rake (~> 13.0)
  ruby-dslr!
  shoulda-context
  simplecov

BUNDLED WITH
   2.4.6
