PATH
  remote: .
  specs:
    ruby-dslr (1.0.0)

GEM
  remote: https://rubygems.org/
  specs:
    codeclimate-test-reporter (1.0.9)
      simplecov (<= 0.13)
    docile (1.1.5)
    json (2.3.1)
    minitest (5.11.3)
    rake (13.0.1)
    shoulda-context (1.2.2)
    simplecov (0.13.0)
      docile (~> 1.1.0)
      json (>= 1.8, < 3)
      simplecov-html (~> 0.10.0)
    simplecov-html (0.10.2)

PLATFORMS
  ruby

DEPENDENCIES
  bundler (~> 1.15)
  codeclimate-test-reporter (~> 1.0.0)
  minitest (~> 5.0)
  rake (~> 13.0)
  ruby-dslr!
  shoulda-context

BUNDLED WITH
   1.16.2
